GEM
  remote: http://rubygems.org/
  specs:
    addressable (2.2.5)
    diff-lcs (1.1.2)
    faraday (0.6.1)
      addressable (~> 2.2.4)
      multipart-post (~> 1.1.0)
      rack (< 2, >= 1.1.0)
    faraday_middleware (0.6.3)
      faraday (~> 0.6.0)
    grit (2.4.1)
      diff-lcs (~> 1.1)
      mime-types (~> 1.15)
    hashie (1.0.0)
    json (1.5.1)
    mime-types (1.16)
    mocha (0.9.12)
    multi_json (1.0.0)
    multi_xml (0.2.2)
    multipart-post (1.1.0)
    octokit (0.6.2)
      addressable (~> 2.2.4)
      faraday (~> 0.6.0)
      faraday_middleware (~> 0.6.0)
      hashie (~> 1.0.0)
      multi_json (~> 1.0.0)
      multi_xml (~> 0.2.0)
    rack (1.2.2)
    shoulda (2.11.3)
    yard (0.6.8)

PLATFORMS
  ruby

DEPENDENCIES
  grit (~> 2.4.1)
  json (~> 1.5.1)
  mocha (~> 0.9.12)
  octokit (~> 0.6.2)
  shoulda (~> 2.11.3)
  yard (~> 0.6.8)
