PATH
  remote: .
  specs:
    metior (0.2.0)
      grit (~> 2.4.1)
      hashery (~> 1.4.0)
      mustache (~> 0.99.4)
      octokit (~> 0.6.4)

GEM
  remote: http://rubygems.org/
  specs:
    addressable (2.2.6)
    diff-lcs (1.1.2)
    faraday (0.7.4)
      addressable (~> 2.2.6)
      multipart-post (~> 1.1.0)
      rack (< 2, >= 1.1.0)
    faraday_middleware (0.7.0)
      faraday (~> 0.7.3)
    grit (2.4.1)
      diff-lcs (~> 1.1)
      mime-types (~> 1.15)
    hashery (1.4.0)
    hashie (1.0.0)
    mime-types (1.16)
    mocha (0.9.12)
    multi_json (1.0.3)
    multipart-post (1.1.3)
    mustache (0.99.4)
    octokit (0.6.4)
      addressable (~> 2.2.6)
      faraday (~> 0.7.3)
      faraday_middleware (~> 0.7.0.rc1)
      hashie (~> 1.0.0)
      multi_json (~> 1.0.2)
    rack (1.3.2)
    rake (0.9.2)
    shoulda (2.11.3)
    yard (0.7.2)

PLATFORMS
  ruby

DEPENDENCIES
  metior!
  mocha (~> 0.9.12)
  rake (~> 0.9.2)
  shoulda (~> 2.11.3)
  yard (~> 0.7.2)
