GEM
  remote: http://rubygems.org/
  specs:
    addressable (2.2.6)
    diff-lcs (1.1.2)
    faraday (0.6.1)
      addressable (~> 2.2.4)
      multipart-post (~> 1.1.0)
      rack (< 2, >= 1.1.0)
    faraday_middleware (0.6.3)
      faraday (~> 0.6.0)
    grit (2.4.1)
      diff-lcs (~> 1.1)
      mime-types (~> 1.15)
    hashie (1.0.0)
    mime-types (1.16)
    mocha (0.9.12)
    multi_json (1.0.2)
    multipart-post (1.1.1)
    octokit (0.6.3)
      addressable (~> 2.2.4)
      faraday (~> 0.6.0)
      faraday_middleware (~> 0.6.0)
      hashie (~> 1.0.0)
      multi_json (~> 1.0.0)
      rash (~> 0.3.0)
    rack (1.2.2)
    rake (0.9.1)
    rash (0.3.0)
      hashie (~> 1.0.0)
    shoulda (2.11.3)
    yard (0.7.1)

PLATFORMS
  ruby

DEPENDENCIES
  grit (~> 2.4.1)
  mocha (~> 0.9.12)
  octokit (~> 0.6.3)
  rake (~> 0.9.1)
  shoulda (~> 2.11.3)
  yard (~> 0.7.1)
